GIT
  remote: https://github.com/openaustralia/scraperwiki-ruby.git
  revision: fc50176812505e463077d5c673d504a6a234aa78
  branch: morph_defaults
  specs:
    scraperwiki (3.0.1)
      httpclient
      sqlite_magic

GEM
  remote: https://rubygems.org/
  specs:
    coderay (1.1.0)
    dotenv (2.1.1)
    httpclient (2.6.0.1)
    method_source (0.8.2)
    mime-types (2.5)
    pry (0.10.3)
      coderay (~> 1.1.0)
      method_source (~> 0.8.1)
      slop (~> 3.4)
    rest-client (1.6.7)
      mime-types (>= 1.16)
    slop (3.6.0)
    sqlite3 (1.3.10)
    sqlite_magic (0.0.3)
      sqlite3

PLATFORMS
  ruby

DEPENDENCIES
  dotenv
  pry
  rest-client
  scraperwiki!

RUBY VERSION
   ruby 2.0.0p648

BUNDLED WITH
   1.12.5
